GIT
  remote: git://github.com/nhowell/subdomain-fu.git
  revision: c6fbf945cf3f4ab344f9c8e0604dc5dcca9ee6cf
  ref: c6fbf945
  specs:
    subdomain-fu (1.0.0.beta2)

GEM
  remote: http://rubygems.org/
  specs:
    RedCloth (4.2.8)
    aasm (2.2.0)
    abstract (1.0.0)
    actionmailer (3.0.10)
      actionpack (= 3.0.10)
      mail (~> 2.2.19)
    actionpack (3.0.10)
      activemodel (= 3.0.10)
      activesupport (= 3.0.10)
      builder (~> 2.1.2)
      erubis (~> 2.6.6)
      i18n (~> 0.5.0)
      rack (~> 1.2.1)
      rack-mount (~> 0.6.14)
      rack-test (~> 0.5.7)
      tzinfo (~> 0.3.23)
    activemodel (3.0.10)
      activesupport (= 3.0.10)
      builder (~> 2.1.2)
      i18n (~> 0.5.0)
    activerecord (3.0.10)
      activemodel (= 3.0.10)
      activesupport (= 3.0.10)
      arel (~> 2.0.10)
      tzinfo (~> 0.3.23)
    activeresource (3.0.10)
      activemodel (= 3.0.10)
      activesupport (= 3.0.10)
    activesupport (3.0.10)
    arel (2.0.10)
    authlogic (3.0.3)
      activerecord (>= 3.0.7)
      activerecord (>= 3.0.7)
    bcrypt-ruby (2.1.4)
    be9-awesome_nested_set (1.4.3)
      activerecord (>= 3.0.0.rc)
    braintree (2.2.0)
      builder
      libxml-ruby
    bson (1.3.1)
    bson_ext (1.3.1)
    builder (2.1.2)
    carrierwave (0.5.0)
      activesupport (~> 3.0.0)
    crack (0.1.8)
    createsend (0.3.2)
      hashie (~> 1.0)
      httparty (~> 0.7)
      json
    daemons (1.1.4)
    delayed_job (2.0.3)
      daemons
    erubis (2.6.6)
      abstract (>= 1.0.0)
    excon (0.6.5)
    factory_girl (2.1.0)
    factory_girl_rails (1.2.0)
      factory_girl (~> 2.1.0)
      railties (>= 3.0.0)
    fakeweb (1.3.0)
    fog (0.3.34)
      builder
      excon (>= 0.3.6)
      formatador (>= 0.0.16)
      json
      mime-types
      net-ssh (>= 2.0.23)
      nokogiri (>= 1.4.4)
      ruby-hmac
    formatador (0.2.1)
    geokit (1.5.0)
    haml (3.0.21)
    hashie (1.1.0)
    hoptoad_notifier (2.3.8)
      activesupport
    httparty (0.7.8)
      crack (= 0.1.8)
    i18n (0.5.0)
    jnunemaker-validatable (1.8.4)
      activesupport (>= 2.3.4)
    joint (0.3.2)
      mime-types
      mongo_mapper (>= 0.7.4)
      wand (>= 0.2.1)
    json (1.5.4)
    libxml-ruby (2.2.2)
    liquid (2.2.2)
    machinist (1.0.6)
    machinist_mongo (1.2.0)
      machinist (~> 1.0.6)
    mail (2.2.19)
      activesupport (>= 2.3.6)
      i18n (>= 0.4.0)
      mime-types (~> 1.16)
      treetop (~> 1.4.8)
    mime-types (1.16)
    mongo (1.3.1)
      bson (>= 1.3.1)
    mongo_mapper (0.9.2)
      activemodel (~> 3.0)
      activesupport (~> 3.0)
      plucky (~> 0.3.8)
    mysql2 (0.2.7)
    net-ssh (2.2.1)
    newrelic_rpm (2.13.2)
    nokogiri (1.5.0)
    plucky (0.3.8)
      mongo (~> 1.3)
    polyglot (0.3.2)
    rack (1.2.3)
    rack-mount (0.6.14)
      rack (>= 1.0.0)
    rack-test (0.5.7)
      rack (>= 1.0)
    rails (3.0.10)
      actionmailer (= 3.0.10)
      actionpack (= 3.0.10)
      activerecord (= 3.0.10)
      activeresource (= 3.0.10)
      activesupport (= 3.0.10)
      bundler (~> 1.0)
      railties (= 3.0.10)
    railties (3.0.10)
      actionpack (= 3.0.10)
      activesupport (= 3.0.10)
      rake (>= 0.8.7)
      rdoc (~> 3.4)
      thor (~> 0.14.4)
    rake (0.9.2)
    rdoc (3.9.4)
    rmagick (2.12.2)
    ruby-hmac (0.4.0)
    safe_shell (1.0.1)
    shoulda (2.11.3)
    sqlite3 (1.3.4)
    sqlite3-ruby (1.3.3)
      sqlite3 (>= 1.3.3)
    thor (0.14.6)
    treetop (1.4.10)
      polyglot
      polyglot (>= 0.3.1)
    twilio (2.8.0)
      builder (>= 2.1.2)
      httparty (>= 0.4.3)
    tzinfo (0.3.29)
    uuidtools (2.1.1)
    wand (0.4)
      mime-types
      safe_shell (~> 1.0.0)
    webrat (0.7.3)
      nokogiri (>= 1.2.0)
      rack (>= 1.0)
      rack-test (>= 0.5.3)
    will_paginate (3.0.0)
    xml-simple (1.1.0)

PLATFORMS
  ruby

DEPENDENCIES
  RedCloth (= 4.2.8)
  aasm (= 2.2.0)
  authlogic (= 3.0.3)
  bcrypt-ruby (= 2.1.4)
  be9-awesome_nested_set (= 1.4.3)
  braintree (= 2.2.0)
  bson_ext (= 1.3.1)
  carrierwave (= 0.5.0)
  createsend (= 0.3.2)
  delayed_job (= 2.0.3)
  factory_girl_rails (= 1.2.0)
  fakeweb (= 1.3.0)
  fog (= 0.3.34)
  geokit (= 1.5.0)
  haml (= 3.0.21)
  hoptoad_notifier (= 2.3.8)
  jnunemaker-validatable (= 1.8.4)
  joint (= 0.3.2)
  liquid (= 2.2.2)
  machinist (= 1.0.6)
  machinist_mongo (= 1.2.0)
  mongo_mapper (= 0.9.2)
  mysql2 (= 0.2.7)
  newrelic_rpm (= 2.13.2)
  rails (= 3.0.10)
  rmagick (= 2.12.2)
  shoulda (= 2.11.3)
  sqlite3-ruby (= 1.3.3)
  subdomain-fu!
  twilio (= 2.8.0)
  uuidtools (= 2.1.1)
  webrat (= 0.7.3)
  will_paginate (= 3.0.0)
  xml-simple (= 1.1.0)
